loc 7 1 12 12 12 2 1 8193 0 64
1 0 
0 
fn 7 1 524288 64 -2 3 1 1 0 64
1 1024 
0 
cr1 1 1 1000000000 -1000000000 0 4 1 3 1 64
1 16.3414726257 
0 
at 1 1 100 0.001 0.001 2 1 11 1 64
1 .380742 
0 
alock 2 2 1 0 0 2 1 2 1 64
1 "n" 
0 
acqtyp 7 1 1000000000 0 1 2 1 2 1 64
1 0 
0 
abstype 7 1 1000000000 0 1 2 1 2 1 64
1 0 
0 
aig 2 2 2 0 0 4 1 1 1 64
1 "nm" 
2 "nm" "ai" 
alfa 6 1 13 13 13 2 1 8194 1 64
1 0 
0 
array 2 2 256 0 0 2 1 1 1 64
1 "" 
0 
ap 2 2 1023 0 0 4 1 7 1 64
1 "1:SAMPLE:date,temp(temp):1,solvent,loc(loc),file(file<>'exp');1:PULSE SEQUENCE:pslabel,d1,d2(d2);1:SPECTRUM:sw:1,fb:0,at:3,np,nt:0,ct:0,ss(ss):0,gain(gain):0,array(array<>'');1(ni):2D SPECTRUM:sw1(ni>1):1,ni:0,phase(phase):0;1:OBSERVE:tn:3,sfrq:3,tof:1,pw:1;1:DECOUPLE:dn(dn<>tn),dfrq(dn<>tn):3,dof:1;2:PROCESSING:fn,fpmult(fpmult):3,lb(lb):3,sb(sb):3,sbs(sb):3,gf(gf):3,gfs(gf):3,awc(awc):3;2(ni>1):2D PROCESSING:fn1,fpmult1(fpmult1):3,lb1(lb1):3,sb1(sb1):3,sbs1(sb1):3,gf1(gf1):3,gfs1(gf1):3,awc1(awc1):3;2:DISPLAY:sp:1,wp:1,vs:0,sc:0,wc:0,axis,rfl:1,rfp:1,lp:1,rp:1,dmg*;2(ni>1):2D DISPLAY:sp1:1,wp1:1,th:0,sc2:0,wc2:0,rfl1:1,rfp1:1,lp1:1,rp1:1;"
0 
arraydim 7 1 32768 1 1 2 1 5 1 64
1 1 
0 
axis 2 2 4 0 0 4 1 3 1 64
1 "p" 
0 
awc1 1 1 1 -1 0.001 3 1 1 0 64
1 0 
0 
awc 1 1 1 -1 0.001 3 1 1 0 64
1 0 
0 
cf 7 1 32767 0 1 3 1 1 0 64
1 1 
0 
bs 7 1 1000000000 0 1 2 1 0 1 64
1 1 
0 
axisf 2 2 8 0 0 4 1 0 1 64
1 "s" 
0 
cp 2 2 1 0 0 2 1 0 1 64
1 "y" 
2 "y" "n" 
cr 1 1 1000000000 -1000000000 0 4 1 1 1 64
1 -1756.42358398 
0 
dg 2 2 1023 0 0 4 1 7 1 64
1 "1:SAMPLE:date,temp:1,solvent,loc(loc),file(file<>'exp');1:PULSE SEQUENCE:pslabel,d1,d2(d2);2:OBSERVE:tn:3,sfrq:3,tof:1,pw:1;2:DECOUPLE:dn(dn<>tn),dfrq(dn<>tn):3,dof:1;3:SPECTRUM:sw:1,fb:0,at:3,np,dp(dp='n'),nt:0,ct:0,ss(ss):0,gain(gain):0,array(array<>'');3(ni):2D SPECTRUM:sw1(ni>1):1,ni:0,phase(phase):0;4:PROCESSING:fn,fpmult(fpmult):3,lb(lb):3,sb(sb):3,sbs(sb):3,gf(gf):3,gfs(gf):3,awc(awc):3;4(ni>1):2D PROCESSING:fn1,fpmult1(fpmult1):3,lb1(lb1):3,sb1(sb1):3,sbs1(sb1):3,gf1(gf1):3,gfs1(gf1):3,awc1(awc1):3;"
0 
d6 3 1 8190 0 1e-07 2 1 2 1 64
1 0 
0 
d3 3 1 8190 0 1e-07 2 1 2 1 64
1 0 
0 
d1 3 1 14 14 14 2 1 8194 1 64
1 0 
0 
ct 7 1 1000000000 0 1 2 1 6 1 64
1 0 
0 
crf 1 1 9.99999984307e+17 -9.99999984307e+17 0 4 1 0 1 64
1 0 
0 
d0 3 1 8190 0 1e-07 2 1 2 1 64
1 0 
0 
d2 3 1 14 14 14 2 1 8194 1 64
1 0 
0 
d5 3 1 8190 0 1e-07 2 1 2 1 64
1 0 
0 
d4 3 1 8190 0 1e-07 2 1 2 1 64
1 0 
0 
dbo 7 1 1000000000 0 1 2 1 2 1 64
1 1544000 
0 
d8 3 1 8190 0 1e-07 2 1 2 1 64
1 0 
0 
d7 3 1 8190 0 1e-07 2 1 2 1 64
1 0 
0 
date 2 2 9 0 0 2 1 1 1 64
1 "10-7-87" 
0 
d9 3 1 8190 0 1e-07 2 1 2 1 64
1 0 
0 
delta 1 1 1000000000 -1000000000 0 4 1 1 1 64
1 -3679.92504883 
0 
dcg 2 2 3 0 0 4 1 1 1 64
1 "cdc" 
2 "dc" "cdc" 
de 6 1 10000000 0 .10000000149 2 1 0 1 64
1 80.3 
0 
deltaf 1 1 9.99999984307e+17 -9.99999984307e+17 0 4 1 0 1 64
1 0 
0 
delta1 1 1 1000000000 -1000000000 0 4 1 3 1 64
1 32.6829452515 
0 
dfrq 1 1 1000000000 0 0 2 1 1 1 64
1 299.9486 
0 
dpwr 7 1 9 9 9 2 1 8194 0 64
1 0 
0 
dmm 2 2 1 0 0 2 1 2 1 64
1 "c" 
0 
dlp 1 1 10 10 10 2 1 8194 1 64
1 20 
0 
dgs 2 2 1023 0 0 4 1 7 1 64
1 "1:SPECIAL PULSES:p0:1,p1:1,p2:1,p3:1,p4:1,p5:1,p6:1,p7:1,p8:1,p9:1;2:SPECIAL DELAYS:d0:6,d1:6,d2:6,d3:6,d4:6,d5:6,d6:6,d7:6,d8:6,d9:6;3:SPECIAL POWERS:s0,s1,s2,s3,s4,s5,s6,s7,s8,s9;4:MACROS:r1,r2,r3,r4,r5,r6,r7,n1,n2,n3;" 
0 
dg1 2 2 1023 0 0 4 1 7 1 64
1 "1:DISPLAY:sp:1,wp:1,vs:0;1:REFERENCE:rfl:1,rfp:1,cr:1,delta:1;1:PHASE:lp:1,rp:1,rp1(ni):1,lp1(ni):1;2:CHART:sc:0,wc:0,hzmm:2,vp:0,axis,pltmod,,th:0,,ho:2,vo:2,,rplot,trace:2;3(ni):2D:sp1:1,wp1:1,sc2:0,wc2:0,rfl1:1,rfp1:1;3:FLAGS:aig*,dcg*,dmg*;3:FID:sf:3,wf:3,vf:0;4:INTEGRAL:intmod,is:2,ins:3,io:0,,lvl:3,tlt:3;" 
0 
dhp 1 1 9 9 9 2 1 8192 1 64
1 20 
0 
dmf 7 1 11 11 11 2 1 8194 1 64
1 200 
0 
dm 2 2 3 0 0 2 1 0 1 64
1 "nnn" 
0 
dmg 2 2 2 0 0 4 1 3 1 64
1 "ph" 
0 
dof 5 1 8 8 8 2 1 8194 1 64
1 0 
0 
dod 3 1 14 14 14 2 1 8194 1 64
1 0.00999999977648 
0 
dn 2 2 4 0 0 2 1 8 1 64
1 "H1" 
0 
dp 2 2 1 0 0 2 1 0 1 64
1 "y" 
2 "y" "n" 
dotflag 2 2 8 0 0 4 1 0 1 64
1 "" 
0 
fb 7 1 6 6 6 2 1 8195 1 64
1 3200 
0 
dw 1 1 9.99999984307e+17 -9.99999984307e+17 0 2 1 0 1 64
1 185.999994732 
0 
dpwrf 7 1 4095 0 1 2 1 0 1 64
1 0 
0 
file 2 2 6 0 0 2 1 3 1 64
1 "exp" 
0 
filter 7 1 1000000000 0 1 2 1 2 1 64
1 54.0999984741 
0 
hst 3 1 14 14 14 2 1 8194 1 64
1 0.00800000037998 
0 
gfs 1 1 1000 -1000 0.001 3 1 1 0 64
1 0 
0 
gain 1 1 32000000 0 .1 2 1 0 0 64
1 20 
0 
fpmult 1 1 1000000000 0 0 3 1 0 0 64
1 1 
0 
fn1 7 1 524288 64 -2 3 1 1 0 64
1 256 
0 
fpmult1 1 1 1000000000 0 0 3 2 0 0 64
1 .5 
0 
gf 1 1 100000 0 0 3 1 1 0 64
1 0.0522104278207 
0 
gf1 1 1 100000 0 0 3 1 1 0 64
1 0.01600000076 
0 
ho 7 1 500 -500 .1 4 1 1 1 64
1 0 
0 
gfs1 1 1 1000 -1000 0.001 3 1 1 0 64
1 0 
0 
homo 2 2 1 0 0 2 1 0 1 64
1 "n" 
2 "y" "n" 
hs 2 2 2 0 0 2 1 0 1 64
1 "nn" 
0 
is 1 1 1000000000 1e-06 0 4 1 3 1 64
1 500 
0 
in 2 2 1 0 0 2 1 0 1 64
1 "n" 
2 "y" "n" 
hzmm 1 1 1000000000 -1000000000 0 4 1 11 1 64
1 37.335723877 
0 
il 2 2 1 0 0 2 1 0 1 64
1 "n" 
2 "y" "n" 
intmod 2 2 8 0 0 4 1 0 1 64
1 "off" 
3 "off" "partial" "full" 
ins 3 1 8190 0 1e-07 4 1 3 1 64
1 1 
0 
io 7 1 500 -500 .1 4 1 1 1 64
1 20 
0 
liamp 1 1 1000000000 0 0 4 1 0 0 64
1 0 
0 
lb1 1 1 100000 -100000 0 3 1 1 0 64
1 .318309992552 
0 
lb 1 1 100000 -100000 0 3 1 1 0 64
1 10 
0 
llamp 1 1 1000000000 0 0 4 1 0 0 64
1 0 
0 
lifrq 1 1 1000000000 -1000000000 0 4 1 0 0 64
1 0 
0 
llfrq 1 1 1000000000 -1000000000 0 4 1 0 0 64
1 0 
0 
load 2 2 4 0 0 2 1 3 1 64
1 "n" 
2 "y" "n" 
sbs1 1 1 1000 -1000 0.001 3 1 1 0 64
1 0 
0 
r6 1 1 1e+18 -1e+18 0 3 1 1 1 64
1 0 
0 
p1 6 1 13 13 13 2 1 8194 1 64
1 0 
0 
method 2 2 6 0 0 2 1 3 1 64
1 "z1z2" 
0 
lsfid 7 1 64000 0 1 3 1 0 0 64
1 0 
0 
lp1 1 1 3600 -3600 .1 4 1 3 1 64
1 0 
0 
lp 1 1 3600 -3600 .1 4 1 3 1 64
1 0 
0 
macro 2 2 6 0 0 3 1 3 1 64
1 "" 
0 
lvl 1 1 1000000000 -1000000000 0 4 1 1 1 64
1 0 
0 
math 2 2 1 0 0 3 1 3 1 64
1 "f" 
3 "d" "f" "i" 
n3 2 2 6 0 0 3 1 3 1 64
1 "" 
0 
n1 2 2 6 0 0 3 1 3 1 64
1 "" 
0 
n2 2 2 6 0 0 3 1 3 1 64
1 "" 
0 
nt 7 1 1000000000 1 1 2 1 2 1 64
1 16 
0 
np 7 1 128000 64 64 2 1 11 1 64
1 4096 
0 
ni 7 1 32767 0 0 2 1 0 1 64
1 0 
0 
p0 6 1 8190 0 1e-07 2 1 2 1 64
1 0 
0 
pslabel 2 2 8 0 0 2 1 11 1 64
1 "jeol" 
0 
p6 6 1 8190 0 1e-07 2 1 2 1 64
1 0 
0 
p4 6 1 8190 0 1e-07 2 1 2 1 64
1 0 
0 
p3 6 1 8190 0 1e-07 2 1 2 1 64
1 0 
0 
p2 6 1 8190 0 1e-07 2 1 2 1 64
1 0 
0 
p5 6 1 8190 0 1e-07 2 1 2 1 64
1 0 
0 
pad 3 1 14 14 14 2 1 8194 1 64
1 .5 
0 
p8 6 1 8190 0 1e-07 2 1 2 1 64
1 0 
0 
p7 6 1 8190 0 1e-07 2 1 2 1 64
1 0 
0 
p9 6 1 8190 0 1e-07 2 1 2 1 64
1 0 
0 
pltmod 2 2 8 0 0 4 1 0 1 64
1 "off" 
5 "off" "fixed" "full" "variable" "user" 
phfid 1 1 3600 -3600 .1 3 1 0 0 64
1 0 
0 
phase 1 1 1e+18 -1e+18 0 2 1 0 1 64
1 0 
0 
proc 2 2 10 0 0 3 1 1 1 64
1 "ft" 
0 
priority 7 1 32768 0 1 2 1 0 1 64
1 5 
0 
proc1 2 2 10 0 0 3 2 1 1 64
1 "ft" 
0 
r1 1 1 1e+18 -1e+18 0 3 1 1 1 64
1 0 
0 
pw90 6 1 13 13 13 2 1 8194 1 64
1 10 
0 
pw 6 1 13 13 13 2 1 8194 1 64
1 0 
0 
r3 1 1 1e+18 -1e+18 0 3 1 1 1 64
1 0 
0 
r2 1 1 1e+18 -1e+18 0 3 1 1 1 64
1 0 
0 
r4 1 1 1e+18 -1e+18 0 3 1 1 1 64
1 0 
0 
r5 1 1 1e+18 -1e+18 0 3 1 1 1 64
1 0 
0 
rp1 1 1 3600 -3600 .1 4 1 3 1 64
1 0 
0 
rfp1 1 1 1000000000 -1000000000 0 4 1 1 1 64
1 0 
0 
rfl 1 1 1000000000 -1000000000 0 4 1 1 1 64
1 0 
0 
rd 7 1 1000000000 0 1 2 1 2 1 64
1 0 
0 
r7 1 1 1e+18 -1e+18 0 3 1 1 1 64
1 0 
0 
rfband 2 2 1 0 0 2 1 2 1 64
1 "hh" 
4 "hh" "hl" "lh" "ll" 
rfp 1 1 1000000000 -1000000000 0 4 1 1 1 64
1 0 
0 
rfl1 1 1 1000000000 -1000000000 0 4 1 1 1 64
1 0 
0 
rof2 6 1 13 13 13 2 1 8194 1 64
1 0 
0 
rof1 6 1 13 13 13 2 1 8194 1 64
1 0 
0 
rp 1 1 3600 -3600 .1 4 1 3 1 64
1 0 
0 
s4 4 2 4 0 0 2 1 0 1 64
1 "" 
0 
s2 4 2 4 0 0 2 1 0 1 64
1 "" 
0 
s0 4 2 4 0 0 2 1 0 1 64
1 "" 
0 
rplot 2 2 1 0 0 4 1 3 1 64
1 "n" 
2 "y" "n" 
s1 4 2 4 0 0 2 1 0 1 64
1 "" 
0 
s3 4 2 4 0 0 2 1 0 1 64
1 "" 
0 
sb 1 1 1000 -1000 0.001 3 1 0 0 64
1 0 
0 
s6 4 2 4 0 0 2 1 0 1 64
1 "" 
0 
s5 4 2 4 0 0 2 1 0 1 64
1 "" 
0 
s8 4 2 4 0 0 2 1 0 1 64
1 "" 
0 
s7 4 2 4 0 0 2 1 0 1 64
1 "" 
0 
s9 4 2 4 0 0 2 1 0 1 64
1 "" 
0 
sb1 1 1 1000 -1000 0.001 3 1 1 0 64
1 0 
0 
sbs 1 1 1000 -1000 0.001 3 1 1 0 64
1 0 
0 
vo 7 1 500 -500 .1 4 1 1 1 64
1 0 
0 
temp 1 1 200 -150 .1 2 1 0 1 64
1 21 
0 
solvent 2 2 6 0 0 2 1 11 1 64
1 "" 
0 
sf 1 1 8190 0 1e-07 4 1 3 1 64
1 0 
0 
sc2 7 1 3 3 3 4 1 8195 1 64
1 0 
0 
sc 7 1 1 1 1 4 1 8195 1 64
1 5 
0 
seqfil 2 2 8 0 0 2 1 11 1 64
1 "jeol" 
0 
sn 1 1 1e+18 -1e+18 0 3 1 1 1 64
1 0 
0 
sfrq 1 1 1000000000 0 0 2 1 3 1 64
1 299.9486 
0 
spin 1 1 32000000 0 .1 2 1 0 0 64
1 20 
0 
sp 1 1 1000000000 -1000000000 0 4 1 3 1 64
1 0 
0 
solvfactor 1 1 1e+18 -1e+18 0 2 1 0 1 64
1 -5e-06 
0 
sp1 1 1 1000000000 -1000000000 0 4 1 3 1 64
1 0 
0 
sw 1 1 5 5 5 2 1 8203 1 64
1 5376.34423828 
0 
ss 7 1 1000000000 0 1 2 1 2 1 64
1 0 
0 
tbo 7 1 1000000000 0 1 2 1 2 1 64
1 1548500 
0 
sw1 1 1 5 5 5 2 1 8203 1 64
1 5376.34423828 
0 
tn 2 2 4 0 0 2 1 8 1 64
1 "H1" 
0 
tin 2 2 1 0 0 2 1 2 1 64
1 "n" 
2 "y" "n" 
th 1 1 1000000000 0 0 4 1 1 1 64
1 3 
0 
tlt 1 1 1000000000 -1000000000 0 4 1 1 1 64
1 0 
0 
tpwr 7 1 63 0 1 2 1 2 0 64
1 55 
0 
tof 5 1 7 7 7 2 1 8194 1 64
1 0 
0 
trace 2 2 2 0 0 4 1 3 1 64
1 "f1" 
2 "f1" "f2" 
tpwrf 7 1 4095 0 1 2 1 0 1 64
1 0 
0 
vf 1 1 1000000000 0 0 4 1 3 1 64
1 150 
0 
wshim 2 2 4 0 0 2 1 3 1 64
1 "s" 
0 
wexp 2 2 6 0 0 3 1 3 1 64
1 "" 
0 
vtwait 3 1 14 14 14 2 1 8194 1 64
1 300 
0 
vs 1 1 1000000000 1e-06 0 4 1 3 1 64
1 500 
0 
vpf 1 1 9.99999984307e+17 -9.99999984307e+17 0 4 1 0 1 64
1 0 
0 
vp 7 1 500 -500 .1 4 1 3 1 64
1 61.9314651489 
0 
vpfi 1 1 9.99999984307e+17 -9.99999984307e+17 0 4 1 0 1 64
1 0 
0 
vtc 1 1 255 0 1 2 1 2 1 64
1 25 
0 
wc 7 1 2 2 2 4 1 8203 1 64
1 400 
0 
wbs 2 2 6 0 0 3 1 3 1 64
1 "" 
0 
wc2 7 1 4 4 4 4 1 8195 1 64
1 90 
0 
werr 2 2 6 0 0 3 1 3 1 64
1 "" 
0 
wnt 2 2 6 0 0 3 1 3 1 64
1 "" 
0 
wf 1 1 8190 0 1e-07 4 1 3 1 64
1 3.74399805069 
0 
wp 1 1 100000 0 0 4 1 11 1 64
1 5376.34423828 
0 
wp1 1 1 100000 0 0 4 1 3 1 64
1 5376.34423828 
0 
yz 7 1 2047 -2048 1 2 1 3 1 64
1 0 
0 
xz 7 1 2047 -2048 1 2 1 3 1 64
1 0 
0 
x1 7 1 2047 -2048 1 2 1 3 1 64
1 0 
0 
wtfile1 2 2 15 0 0 3 2 1 1 64
1 "" 
0 
wtfile 2 2 15 0 0 3 1 1 1 64
1 "" 
0 
x3 7 1 2047 -2048 1 2 1 3 1 64
1 0 
0 
x2y2 7 1 2047 -2048 1 2 1 3 1 64
1 0 
0 
xy 7 1 2047 -2048 1 2 1 3 1 64
1 0 
0 
y1 7 1 2047 -2048 1 2 1 3 1 64
1 0 
0 
xz2 7 1 2047 -2048 1 2 1 3 1 64
1 0 
0 
y3 7 1 2047 -2048 1 2 1 3 1 64
1 0 
0 
z2c 7 1 2047 -2048 1 2 1 2 1 64
1 0 
0 
z1c 7 1 2047 -2048 1 2 1 2 1 64
1 0 
0 
yz2 7 1 2047 -2048 1 2 1 3 1 64
1 0 
0 
z1 7 1 2047 -2048 1 2 1 2 1 64
1 0 
0 
z2 7 1 2047 -2048 1 2 1 2 1 64
1 0 
0 
z4 7 1 2047 -2048 1 2 1 2 1 64
1 0 
0 
z3 7 1 2047 -2048 1 2 1 2 1 64
1 0 
0 
zx2y2 7 1 2047 -2048 1 2 1 3 1 64
1 0 
0 
z5 7 1 2047 -2048 1 2 1 3 1 64
1 0 
0 
zxy 7 1 2047 -2048 1 2 1 3 1 64
1 0 
0 
